GEM
  remote: https://rubygems.org/
  specs:
    wkhtmltopdf-heroku (2.12.6.0)

PLATFORMS
  universal-darwin-20

DEPENDENCIES
  wkhtmltopdf-heroku

BUNDLED WITH
   2.2.29
